GIT
  remote: git@github.com:ashmaroli/jekyll-algolia.git
  revision: ff6440d2bd55f2028f18de379ed149960cd89721
  branch: delete-key-not-reset
  specs:
    jekyll-algolia (1.4.9)
      algolia_html_extractor (~> 2.6)
      algoliasearch (= 1.24)
      filesize (~> 0.1)
      jekyll (~> 3.0)
      json (~> 2.0)
      nokogiri (~> 1.6)
      progressbar (~> 1.9)
      verbal_expressions (~> 0.1.5)

GIT
  remote: https://github.com/Shopify/liquid-c.git
  revision: e77102d2e6159418e80b4fc083d10a63b4fde9f2
  branch: master
  specs:
    liquid-c (4.0.0)
      liquid (>= 3.0.0)

GIT
  remote: https://github.com/Shopify/liquid.git
  revision: b3b63a683f6daaea7e70f1602ee829abdf970ef3
  branch: master
  specs:
    liquid (4.0.3)

GIT
  remote: https://github.com/ashmaroli/jekyll-commonmark/
  revision: 738206a6e9007037a1e3afa2d2d3fe036968ff46
  branch: highlighter-rouge
  specs:
    jekyll-commonmark (1.2.0)
      commonmarker (~> 0.14)
      jekyll (~> 3.0)

GIT
  remote: https://github.com/borisschapira/jekyll-paginate-v2.git
  revision: 3d4d25e9da713e377b8ba2ae690f2dca07fa2808
  branch: default-values
  specs:
    jekyll-paginate-v2 (2.1.0)
      jekyll (~> 3.0)

GIT
  remote: https://github.com/jekyll/jekyll.git
  revision: f3cb41b65ad70371e4cc750719c0789590e0bdfc
  ref: f3cb41b65ad70371e4cc750719c0789590e0bdfc
  specs:
    jekyll (3.8.5)
      addressable (~> 2.4)
      colorator (~> 1.0)
      em-websocket (~> 0.5)
      i18n (>= 0.9.5, < 2)
      jekyll-sass-converter (~> 1.0)
      jekyll-watch (~> 2.0)
      kramdown (~> 2.1)
      kramdown-parser-gfm (~> 1.0)
      liquid (~> 4.0)
      mercenary (~> 0.3.3)
      pathutil (~> 0.9)
      rouge (~> 3.0)
      safe_yaml (~> 1.0)

GEM
  remote: https://rubygems.org/
  specs:
    activesupport (5.2.3)
      concurrent-ruby (~> 1.0, >= 1.0.2)
      i18n (>= 0.7, < 2)
      minitest (~> 5.1)
      tzinfo (~> 1.1)
    addressable (2.6.0)
      public_suffix (>= 2.0.2, < 4.0)
    algolia_html_extractor (2.6.1)
      json (~> 2.0)
      nokogiri (~> 1.8.2)
    algoliasearch (1.24.0)
      httpclient (~> 2.8, >= 2.8.3)
      json (>= 1.5.1)
    classifier-reborn (2.2.0)
      fast-stemmer (~> 1.0)
    colorator (1.1.0)
    colorize (0.8.1)
    commonmarker (0.20.1)
      ruby-enum (~> 0.5)
    concurrent-ruby (1.1.5)
    em-websocket (0.5.1)
      eventmachine (>= 0.12.9)
      http_parser.rb (~> 0.6.0)
    ethon (0.12.0)
      ffi (>= 1.3.0)
    eventmachine (1.2.7)
    fast-stemmer (1.0.2)
    fastimage (2.1.5)
    ffi (1.11.1)
    filesize (0.2.0)
    forwardable-extended (2.6.0)
    html-proofer (3.9.3)
      activesupport (>= 4.2, < 6.0)
      addressable (~> 2.3)
      colorize (~> 0.8)
      mercenary (~> 0.3.2)
      nokogiri (~> 1.8.1)
      parallel (~> 1.3)
      typhoeus (~> 1.3)
      yell (~> 2.0)
    http_parser.rb (0.6.0)
    httpclient (2.8.3)
    i18n (1.6.0)
      concurrent-ruby (~> 1.0)
    jekyll-archives (2.2.1)
      jekyll (>= 3.6, < 5.0)
    jekyll-cloudinary (1.14.0)
      fastimage (~> 2.0)
      jekyll (~> 3.6)
    jekyll-include-cache (0.2.0)
      jekyll (>= 3.7, < 5.0)
    jekyll-microtypo (0.2.5)
      jekyll (>= 3.0, < 4.0)
    jekyll-pwa-plugin (2.2.3)
    jekyll-sass-converter (1.5.2)
      sass (~> 3.4)
    jekyll-sitemap (1.3.1)
      jekyll (>= 3.7, < 5.0)
    jekyll-tagging (1.1.0)
      nuggets
    jekyll-tagging-related_posts (1.0.0)
      jekyll (~> 3.0)
      jekyll-tagging (~> 1.0)
    jekyll-watch (2.2.1)
      listen (~> 3.0)
    json (2.2.0)
    kramdown (2.1.0)
    kramdown-parser-gfm (1.1.0)
      kramdown (~> 2.0)
    listen (3.1.5)
      rb-fsevent (~> 0.9, >= 0.9.4)
      rb-inotify (~> 0.9, >= 0.9.7)
      ruby_dep (~> 1.2)
    mercenary (0.3.6)
    mini_portile2 (2.3.0)
    minitest (5.11.3)
    nokogiri (1.8.5)
      mini_portile2 (~> 2.3.0)
    nuggets (1.6.0)
    parallel (1.17.0)
    pathutil (0.16.2)
      forwardable-extended (~> 2.6)
    progressbar (1.10.1)
    public_suffix (3.1.0)
    rake (12.3.2)
    rb-fsevent (0.10.3)
    rb-inotify (0.10.0)
      ffi (~> 1.0)
    rouge (3.3.0)
    ruby-enum (0.7.2)
      i18n
    ruby_dep (1.5.0)
    safe_yaml (1.0.5)
    sass (3.7.4)
      sass-listen (~> 4.0.0)
    sass-listen (4.0.0)
      rb-fsevent (~> 0.9, >= 0.9.4)
      rb-inotify (~> 0.9, >= 0.9.7)
    thread_safe (0.3.6)
    typhoeus (1.3.1)
      ethon (>= 0.9.0)
    tzinfo (1.2.5)
      thread_safe (~> 0.1)
    verbal_expressions (0.1.5)
    yell (2.2.0)

PLATFORMS
  ruby

DEPENDENCIES
  classifier-reborn
  ffi (~> 1.11)
  html-proofer
  jekyll!
  jekyll-algolia!
  jekyll-archives
  jekyll-cloudinary
  jekyll-commonmark!
  jekyll-include-cache
  jekyll-microtypo
  jekyll-paginate-v2!
  jekyll-pwa-plugin
  jekyll-sitemap
  jekyll-tagging-related_posts
  liquid!
  liquid-c!
  rake

RUBY VERSION
   ruby 2.6.2p47

BUNDLED WITH
   1.17.2
