GIT
  remote: https://github.com/Shopify/liquid-c.git
  revision: 34ee43ccf2d48b5d07f72ffa68b456626679affc
  branch: master
  specs:
    liquid-c (4.0.0)
      liquid (>= 3.0.0)

GIT
  remote: https://github.com/Shopify/liquid.git
  revision: e9b649b3455c63859f1b865a8684607d6ff5b050
  branch: master
  specs:
    liquid (4.0.3)

GIT
  remote: https://github.com/borisschapira/jekyll-paginate-v2.git
  revision: a61041868640dafe45513d28549499dfdad5d64e
  branch: default-values
  specs:
    jekyll-paginate-v2 (2.1.0)
      jekyll (>= 3.0, < 5.0)

GIT
  remote: https://github.com/jekyll/jekyll-archives/
  revision: 11a02dbb5468042ca10c7ccd802db5c4d0bef9b6
  specs:
    jekyll-archives (2.2.1)
      jekyll (>= 3.6, < 5.0)

GIT
  remote: https://github.com/jekyll/jekyll-commonmark/
  revision: 6708e5fc89294ddad7f5b55c478daeb6cf792bb0
  branch: master
  specs:
    jekyll-commonmark (1.3.1)
      commonmarker (~> 0.14)

GEM
  remote: https://rubygems.org/
  specs:
    addressable (2.7.0)
      public_suffix (>= 2.0.2, < 5.0)
    algolia_html_extractor (2.6.2)
      json (~> 2.0)
      nokogiri (~> 1.10.4)
    algoliasearch (1.27.1)
      httpclient (~> 2.8, >= 2.8.3)
      json (>= 1.5.1)
    classifier-reborn (2.2.0)
      fast-stemmer (~> 1.0)
    colorator (1.1.0)
    commonmarker (0.21.0)
      ruby-enum (~> 0.5)
    concurrent-ruby (1.1.6)
    em-websocket (0.5.1)
      eventmachine (>= 0.12.9)
      http_parser.rb (~> 0.6.0)
    ethon (0.12.0)
      ffi (>= 1.3.0)
    eventmachine (1.2.7)
    fast-stemmer (1.0.2)
    fastimage (2.1.7)
    ffi (1.12.2)
    filesize (0.2.0)
    forwardable-extended (2.6.0)
    html-proofer (3.15.2)
      addressable (~> 2.3)
      mercenary (~> 0.3)
      nokogumbo (~> 2.0)
      parallel (~> 1.3)
      rainbow (~> 3.0)
      typhoeus (~> 1.3)
      yell (~> 2.0)
    http_parser.rb (0.6.0)
    httpclient (2.8.3)
    i18n (1.8.2)
      concurrent-ruby (~> 1.0)
    jekyll (4.0.0)
      addressable (~> 2.4)
      colorator (~> 1.0)
      em-websocket (~> 0.5)
      i18n (>= 0.9.5, < 2)
      jekyll-sass-converter (~> 2.0)
      jekyll-watch (~> 2.0)
      kramdown (~> 2.1)
      kramdown-parser-gfm (~> 1.0)
      liquid (~> 4.0)
      mercenary (~> 0.3.3)
      pathutil (~> 0.9)
      rouge (~> 3.0)
      safe_yaml (~> 1.0)
      terminal-table (~> 1.8)
    jekyll-algolia (1.6.0)
      algolia_html_extractor (~> 2.6)
      algoliasearch (~> 1.26)
      filesize (~> 0.1)
      jekyll (>= 3.6, < 5.0)
      json (~> 2.0)
      nokogiri (~> 1.6)
      progressbar (~> 1.9)
      verbal_expressions (~> 0.1.5)
    jekyll-cloudinary (1.14.1)
      fastimage (~> 2.0)
      jekyll (>= 3.6, < 5)
    jekyll-include-cache (0.2.0)
      jekyll (>= 3.7, < 5.0)
    jekyll-microtypo (1.2.6)
      jekyll (>= 3.0, < 5.0)
    jekyll-pwa-workbox (0.0.8)
    jekyll-sass-converter (2.1.0)
      sassc (> 2.0.1, < 3.0)
    jekyll-sitemap (1.4.0)
      jekyll (>= 3.7, < 5.0)
    jekyll-watch (2.2.1)
      listen (~> 3.0)
    json (2.3.0)
    kramdown (2.1.0)
    kramdown-parser-gfm (1.1.0)
      kramdown (~> 2.0)
    listen (3.2.1)
      rb-fsevent (~> 0.10, >= 0.10.3)
      rb-inotify (~> 0.9, >= 0.9.10)
    mercenary (0.3.6)
    mini_portile2 (2.4.0)
    nokogiri (1.10.9)
      mini_portile2 (~> 2.4.0)
    nokogumbo (2.0.2)
      nokogiri (~> 1.8, >= 1.8.4)
    parallel (1.19.1)
    pathutil (0.16.2)
      forwardable-extended (~> 2.6)
    progressbar (1.10.1)
    public_suffix (4.0.4)
    rainbow (3.0.0)
    rake (13.0.1)
    rb-fsevent (0.10.3)
    rb-inotify (0.10.1)
      ffi (~> 1.0)
    rouge (3.17.0)
    ruby-enum (0.8.0)
      i18n
    safe_yaml (1.0.5)
    sassc (2.2.1)
      ffi (~> 1.9)
    terminal-table (1.8.0)
      unicode-display_width (~> 1.1, >= 1.1.1)
    typhoeus (1.3.1)
      ethon (>= 0.9.0)
    unicode-display_width (1.7.0)
    verbal_expressions (0.1.5)
    yell (2.2.2)

PLATFORMS
  ruby

DEPENDENCIES
  classifier-reborn
  ffi (~> 1.11)
  html-proofer
  jekyll
  jekyll-algolia (~> 1.0)
  jekyll-archives!
  jekyll-cloudinary
  jekyll-commonmark!
  jekyll-include-cache
  jekyll-microtypo
  jekyll-paginate-v2!
  jekyll-pwa-workbox (~> 0.0.7)
  jekyll-sitemap
  liquid!
  liquid-c!
  rake

RUBY VERSION
   ruby 2.6.2p47

BUNDLED WITH
   2.1.4
