GIT
  remote: https://github.com/Shopify/liquid-c.git
  revision: 8c5ad175b7db288b9132b24c470f260c027e7a2e
  branch: master
  specs:
    liquid-c (4.0.0)
      liquid (>= 3.0.0)

GIT
  remote: https://github.com/Shopify/liquid.git
  revision: 1aa7d3d2bab67defbf61b0f3d014a610b233e506
  branch: master
  specs:
    liquid (4.0.3)

GIT
  remote: https://github.com/borisschapira/jekyll-microtypo
  revision: 3d632dfa7adc625fbae730274234cdaee3bbed88
  specs:
    jekyll-microtypo (1.2.5)
      jekyll (>= 3.0, < 5.0)

GIT
  remote: https://github.com/borisschapira/jekyll-paginate-v2.git
  revision: 3d4d25e9da713e377b8ba2ae690f2dca07fa2808
  branch: default-values
  specs:
    jekyll-paginate-v2 (2.1.0)
      jekyll (~> 3.0)

GIT
  remote: https://github.com/jekyll/jekyll-archives/
  revision: 74a66073ca1fe180743c728e87eb6c0655e638ce
  specs:
    jekyll-archives (2.2.1)
      jekyll (>= 3.6, < 5.0)

GIT
  remote: https://github.com/jekyll/jekyll-commonmark/
  revision: 6c9ae3a9cc0f46762ffd6a361317a718a47fb47f
  branch: master
  specs:
    jekyll-commonmark (1.3.1)
      commonmarker (~> 0.14)
      jekyll (>= 3.7, < 5.0)

GIT
  remote: https://github.com/jekyll/jekyll.git
  revision: f3cb41b65ad70371e4cc750719c0789590e0bdfc
  ref: f3cb41b65ad70371e4cc750719c0789590e0bdfc
  specs:
    jekyll (3.8.5)
      addressable (~> 2.4)
      colorator (~> 1.0)
      em-websocket (~> 0.5)
      i18n (>= 0.9.5, < 2)
      jekyll-sass-converter (~> 1.0)
      jekyll-watch (~> 2.0)
      kramdown (~> 2.1)
      kramdown-parser-gfm (~> 1.0)
      liquid (~> 4.0)
      mercenary (~> 0.3.3)
      pathutil (~> 0.9)
      rouge (~> 3.0)
      safe_yaml (~> 1.0)

GEM
  remote: https://rubygems.org/
  specs:
    addressable (2.7.0)
      public_suffix (>= 2.0.2, < 5.0)
    classifier-reborn (2.2.0)
      fast-stemmer (~> 1.0)
    colorator (1.1.0)
    commonmarker (0.20.1)
      ruby-enum (~> 0.5)
    concurrent-ruby (1.1.5)
    em-websocket (0.5.1)
      eventmachine (>= 0.12.9)
      http_parser.rb (~> 0.6.0)
    ethon (0.12.0)
      ffi (>= 1.3.0)
    eventmachine (1.2.7)
    fast-stemmer (1.0.2)
    fastimage (2.1.7)
    ffi (1.11.1)
    forwardable-extended (2.6.0)
    html-proofer (3.13.0)
      addressable (~> 2.3)
      mercenary (~> 0.3)
      nokogiri (~> 1.10)
      parallel (~> 1.3)
      rainbow (~> 3.0)
      typhoeus (~> 1.3)
      yell (~> 2.0)
    http_parser.rb (0.6.0)
    i18n (1.7.0)
      concurrent-ruby (~> 1.0)
    jekyll-cloudinary (1.14.1)
      fastimage (~> 2.0)
      jekyll (>= 3.6, < 5)
    jekyll-include-cache (0.2.0)
      jekyll (>= 3.7, < 5.0)
    jekyll-pwa-workbox (0.0.6)
    jekyll-sass-converter (1.5.2)
      sass (~> 3.4)
    jekyll-sitemap (1.3.1)
      jekyll (>= 3.7, < 5.0)
    jekyll-watch (2.2.1)
      listen (~> 3.0)
    kramdown (2.1.0)
    kramdown-parser-gfm (1.1.0)
      kramdown (~> 2.0)
    listen (3.2.0)
      rb-fsevent (~> 0.10, >= 0.10.3)
      rb-inotify (~> 0.9, >= 0.9.10)
    mercenary (0.3.6)
    mini_portile2 (2.4.0)
    nokogiri (1.10.4)
      mini_portile2 (~> 2.4.0)
    parallel (1.17.0)
    pathutil (0.16.2)
      forwardable-extended (~> 2.6)
    public_suffix (4.0.1)
    rainbow (3.0.0)
    rake (13.0.0)
    rb-fsevent (0.10.3)
    rb-inotify (0.10.0)
      ffi (~> 1.0)
    rouge (3.11.1)
    ruby-enum (0.7.2)
      i18n
    safe_yaml (1.0.5)
    sass (3.7.4)
      sass-listen (~> 4.0.0)
    sass-listen (4.0.0)
      rb-fsevent (~> 0.9, >= 0.9.4)
      rb-inotify (~> 0.9, >= 0.9.7)
    typhoeus (1.3.1)
      ethon (>= 0.9.0)
    yell (2.2.0)

PLATFORMS
  ruby

DEPENDENCIES
  classifier-reborn
  ffi (~> 1.11)
  html-proofer
  jekyll!
  jekyll-archives!
  jekyll-cloudinary
  jekyll-commonmark!
  jekyll-include-cache
  jekyll-microtypo!
  jekyll-paginate-v2!
  jekyll-pwa-workbox
  jekyll-sitemap
  liquid!
  liquid-c!
  rake

RUBY VERSION
   ruby 2.6.2p47

BUNDLED WITH
   1.17.2
