GIT
  remote: https://github.com/borisschapira/jekyll-paginate-v2.git
  revision: a61041868640dafe45513d28549499dfdad5d64e
  branch: default-values
  specs:
    jekyll-paginate-v2 (2.1.0)
      jekyll (>= 3.0, < 5.0)

GIT
  remote: https://github.com/jekyll/jekyll-archives/
  revision: 8e6ce0be6d0788a1add52cb91e72428c01ea8a6c
  specs:
    jekyll-archives (2.2.1)
      jekyll (>= 3.6, < 5.0)

GIT
  remote: https://github.com/jekyll/jekyll-commonmark/
  revision: bcac00e555097a1ca737d9d6f837d9a4feaa1ef4
  branch: master
  specs:
    jekyll-commonmark (1.4.0)
      commonmarker (~> 0.23.4)

GEM
  remote: https://rubygems.org/
  specs:
    addressable (2.8.1)
      public_suffix (>= 2.0.2, < 6.0)
    classifier-reborn (2.3.0)
      fast-stemmer (~> 1.0)
      matrix (~> 0.4)
    colorator (1.1.0)
    commonmarker (0.23.6)
    concurrent-ruby (1.1.10)
    em-websocket (0.5.3)
      eventmachine (>= 0.12.9)
      http_parser.rb (~> 0)
    eventmachine (1.2.7)
    fast-stemmer (1.0.2)
    fastimage (2.2.6)
    ffi (1.15.5)
    forwardable-extended (2.6.0)
    google-protobuf (3.21.12)
    http_parser.rb (0.8.0)
    i18n (1.12.0)
      concurrent-ruby (~> 1.0)
    jekyll (4.3.1)
      addressable (~> 2.4)
      colorator (~> 1.0)
      em-websocket (~> 0.5)
      i18n (~> 1.0)
      jekyll-sass-converter (>= 2.0, < 4.0)
      jekyll-watch (~> 2.0)
      kramdown (~> 2.3, >= 2.3.1)
      kramdown-parser-gfm (~> 1.0)
      liquid (~> 4.0)
      mercenary (>= 0.3.6, < 0.5)
      pathutil (~> 0.9)
      rouge (>= 3.0, < 5.0)
      safe_yaml (~> 1.0)
      terminal-table (>= 1.8, < 4.0)
      webrick (~> 1.7)
    jekyll-cloudinary (1.14.1)
      fastimage (~> 2.0)
      jekyll (>= 3.6, < 5)
    jekyll-include-cache (0.2.1)
      jekyll (>= 3.7, < 5.0)
    jekyll-microtypo (1.2.6)
      jekyll (>= 3.0, < 5.0)
    jekyll-sass-converter (3.0.0)
      sass-embedded (~> 1.54)
    jekyll-sitemap (1.4.0)
      jekyll (>= 3.7, < 5.0)
    jekyll-watch (2.2.1)
      listen (~> 3.0)
    kramdown (2.4.0)
      rexml
    kramdown-parser-gfm (1.1.0)
      kramdown (~> 2.0)
    liquid (4.0.4)
    liquid-c (4.0.0)
      liquid (>= 3.0.0)
    listen (3.8.0)
      rb-fsevent (~> 0.10, >= 0.10.3)
      rb-inotify (~> 0.9, >= 0.9.10)
    matrix (0.4.2)
    mercenary (0.4.0)
    pathutil (0.16.2)
      forwardable-extended (~> 2.6)
    public_suffix (5.0.1)
    rake (13.0.6)
    rb-fsevent (0.11.2)
    rb-inotify (0.10.1)
      ffi (~> 1.0)
    rexml (3.2.5)
    rouge (4.0.1)
    safe_yaml (1.0.5)
    sass-embedded (1.57.1)
      google-protobuf (~> 3.21)
      rake (>= 10.0.0)
    terminal-table (3.0.2)
      unicode-display_width (>= 1.1.1, < 3)
    unicode-display_width (2.4.2)
    webrick (1.7.0)

PLATFORMS
  ruby

DEPENDENCIES
  classifier-reborn
  commonmarker
  jekyll
  jekyll-archives!
  jekyll-cloudinary
  jekyll-commonmark!
  jekyll-include-cache
  jekyll-microtypo
  jekyll-paginate-v2!
  jekyll-sitemap
  liquid (~> 4.0)
  liquid-c
  rake

BUNDLED WITH
   2.4.3
