GIT
  remote: git://github.com/ffi/ffi.git
  revision: 250ed0d3ccc77c397fd46b65d94b6b502feb850f
  branch: elcapt
  specs:
    ffi (1.9.10)

GIT
  remote: git://github.com/wildlyinaccurate/jekyll-responsive-image.git
  revision: 8d962b2631d817e65eff6796184b6b3e88a4a9c2
  specs:
    jekyll-responsive_image (1.0.1)
      jekyll (>= 2.0, < 4.0)
      rmagick (>= 2.0, < 3.0)

GEM
  remote: https://rubygems.org/
  specs:
    activesupport (4.2.7.1)
      i18n (~> 0.7)
      json (~> 1.7, >= 1.7.7)
      minitest (~> 5.1)
      thread_safe (~> 0.3, >= 0.3.4)
      tzinfo (~> 1.1)
    addressable (2.5.0)
      public_suffix (~> 2.0, >= 2.0.2)
    algoliasearch (1.12.4)
      httpclient (~> 2.8.2.4)
      json (>= 1.5.1)
    algoliasearch-jekyll (1.0.0.beta.pre.1)
      algoliasearch (~> 1.4)
      appraisal (~> 2.1.0)
      awesome_print (~> 1.6)
      html-hierarchy-extractor (~> 1.0)
      json (~> 1.8)
      nokogiri (~> 1.6)
      verbal_expressions (~> 0.1.5)
    appraisal (2.1.0)
      bundler
      rake
      thor (>= 0.14.0)
    autoprefixer-rails (6.5.4)
      execjs
    awesome_print (1.7.0)
    colorator (1.1.0)
    colored (1.2)
    concurrent-ruby (1.0.3)
    em-websocket (0.5.1)
      eventmachine (>= 0.12.9)
      http_parser.rb (~> 0.6.0)
    ethon (0.10.1)
      ffi (>= 1.3.0)
    eventmachine (1.2.1)
    execjs (2.7.0)
    extras (0.1.0)
      forwardable-extended (~> 2.5)
    fastimage (2.0.1)
      addressable (~> 2)
    forwardable-extended (2.6.0)
    gemoji (2.1.0)
    html-hierarchy-extractor (1.0.2)
      awesome_print (~> 1.6)
      json (~> 1.8)
      nokogiri (~> 1.6)
    html-pipeline (2.4.2)
      activesupport (>= 2)
      nokogiri (>= 1.4)
    html-proofer (3.4.0)
      activesupport (>= 4.2, < 6.0)
      addressable (~> 2.3)
      colored (~> 1.2)
      mercenary (~> 0.3.2)
      nokogiri (~> 1.5)
      parallel (~> 1.3)
      typhoeus (~> 0.7)
      yell (~> 2.0)
    http_parser.rb (0.6.0)
    httpclient (2.8.2.4)
    i18n (0.7.0)
    jekyll (3.3.1)
      addressable (~> 2.4)
      colorator (~> 1.0)
      jekyll-sass-converter (~> 1.0)
      jekyll-watch (~> 1.1)
      kramdown (~> 1.3)
      liquid (~> 3.0)
      mercenary (~> 0.3.3)
      pathutil (~> 0.9)
      rouge (~> 1.7)
      safe_yaml (~> 1.0)
    jekyll-archives (2.1.1)
      jekyll (>= 2.4)
    jekyll-assets (2.2.8)
      extras (~> 0.1)
      fastimage (~> 2.0, >= 1.8)
      jekyll (~> 3.1, >= 3.0)
      pathutil (>= 0.8)
      rack (> 1, < 2)
      sprockets (~> 3.3, < 3.7)
    jekyll-livereload (0.2.2)
      em-websocket (~> 0.5)
      jekyll (~> 3.0)
    jekyll-microtypo (0.0.6)
      jekyll (>= 3.0, < 4.0)
    jekyll-postfiles (2.0.0)
    jekyll-sass-converter (1.5.0)
      sass (~> 3.4)
    jekyll-sitemap (0.12.0)
      jekyll (~> 3.3)
    jekyll-tagging (1.0.1)
      ruby-nuggets
    jekyll-tagging-related_posts (0.2.1)
      jekyll (~> 3.0)
      jekyll-tagging (~> 1.0.0)
    jekyll-watch (1.5.0)
      listen (~> 3.0, < 3.1)
    jemoji (0.7.0)
      activesupport (~> 4.0)
      gemoji (~> 2.0)
      html-pipeline (~> 2.2)
      jekyll (>= 3.0)
    json (1.8.3)
    kramdown (1.13.1)
    liquid (3.0.6)
    listen (3.0.8)
      rb-fsevent (~> 0.9, >= 0.9.4)
      rb-inotify (~> 0.9, >= 0.9.7)
    mercenary (0.3.6)
    mini_portile2 (2.1.0)
    minitest (5.10.1)
    nokogiri (1.6.8.1)
      mini_portile2 (~> 2.1.0)
    nuggets (1.0.0)
    octopress-autoprefixer (2.0.0)
      autoprefixer-rails
      jekyll (~> 3.0)
    parallel (1.10.0)
    pathutil (0.14.0)
      forwardable-extended (~> 2.6)
    public_suffix (2.0.4)
    rack (1.6.5)
    rake (12.0.0)
    rb-fsevent (0.9.8)
    rb-inotify (0.9.7)
      ffi (>= 0.5.0)
    rmagick (2.16.0)
    rouge (1.11.1)
    ruby-nuggets (1.0.0)
      nuggets (= 1.0.0)
    safe_yaml (1.0.4)
    sass (3.4.23)
    sprockets (3.6.3)
      concurrent-ruby (~> 1.0)
      rack (> 1, < 3)
    thor (0.19.4)
    thread_safe (0.3.5)
    typhoeus (0.8.0)
      ethon (>= 0.8.0)
    tzinfo (1.2.2)
      thread_safe (~> 0.1)
    verbal_expressions (0.1.5)
    yell (2.0.7)

PLATFORMS
  ruby

DEPENDENCIES
  algoliasearch-jekyll (~> 1.0.0.beta.pre.1)
  ffi!
  html-proofer
  i18n
  jekyll (~> 3.3)
  jekyll-archives
  jekyll-assets
  jekyll-livereload
  jekyll-microtypo
  jekyll-postfiles
  jekyll-responsive_image!
  jekyll-sitemap
  jekyll-tagging-related_posts
  jemoji
  octopress-autoprefixer
  sprockets (~> 3.6.3)

RUBY VERSION
   ruby 2.3.1p112

BUNDLED WITH
   1.12.5
