GIT
  remote: https://github.com/Shopify/liquid-c.git
  revision: 5a89f8ff805296574b09ad3cb34e7e698844aa33
  branch: master
  specs:
    liquid-c (4.0.0)
      liquid (>= 3.0.0)

GIT
  remote: https://github.com/Shopify/liquid.git
  revision: 57c9cf64ebc777fe5e92d4408d31a911f087eeb4
  branch: master
  specs:
    liquid (4.0.3)

GIT
  remote: https://github.com/borisschapira/jekyll-microtypo
  revision: ca3f0390fb8f344fa3e437f10416621523245691
  specs:
    jekyll-microtypo (1.2.6)
      jekyll (>= 3.0, < 5.0)

GIT
  remote: https://github.com/borisschapira/jekyll-paginate-v2.git
  revision: a61041868640dafe45513d28549499dfdad5d64e
  branch: default-values
  specs:
    jekyll-paginate-v2 (2.1.0)
      jekyll (>= 3.0, < 5.0)

GIT
  remote: https://github.com/jekyll/jekyll-archives/
  revision: b4bae67af1b2721e5fb4d949585cf147cdd7784c
  specs:
    jekyll-archives (2.2.1)
      jekyll (>= 3.6, < 5.0)

GIT
  remote: https://github.com/jekyll/jekyll-commonmark/
  revision: bb96c49ab42826961d2a6621a0ba27f3b88bfa85
  branch: master
  specs:
    jekyll-commonmark (1.3.1)
      commonmarker (~> 0.14)

GEM
  remote: https://rubygems.org/
  specs:
    addressable (2.7.0)
      public_suffix (>= 2.0.2, < 5.0)
    classifier-reborn (2.2.0)
      fast-stemmer (~> 1.0)
    colorator (1.1.0)
    commonmarker (0.20.1)
      ruby-enum (~> 0.5)
    concurrent-ruby (1.1.5)
    em-websocket (0.5.1)
      eventmachine (>= 0.12.9)
      http_parser.rb (~> 0.6.0)
    ethon (0.12.0)
      ffi (>= 1.3.0)
    eventmachine (1.2.7)
    fast-stemmer (1.0.2)
    fastimage (2.1.7)
    ffi (1.11.2)
    forwardable-extended (2.6.0)
    html-proofer (3.14.1)
      addressable (~> 2.3)
      mercenary (~> 0.3)
      nokogiri (~> 1.10)
      parallel (~> 1.3)
      rainbow (~> 3.0)
      typhoeus (~> 1.3)
      yell (~> 2.0)
    http_parser.rb (0.6.0)
    i18n (1.7.0)
      concurrent-ruby (~> 1.0)
    jekyll (4.0.0)
      addressable (~> 2.4)
      colorator (~> 1.0)
      em-websocket (~> 0.5)
      i18n (>= 0.9.5, < 2)
      jekyll-sass-converter (~> 2.0)
      jekyll-watch (~> 2.0)
      kramdown (~> 2.1)
      kramdown-parser-gfm (~> 1.0)
      liquid (~> 4.0)
      mercenary (~> 0.3.3)
      pathutil (~> 0.9)
      rouge (~> 3.0)
      safe_yaml (~> 1.0)
      terminal-table (~> 1.8)
    jekyll-cloudinary (1.14.1)
      fastimage (~> 2.0)
      jekyll (>= 3.6, < 5)
    jekyll-include-cache (0.2.0)
      jekyll (>= 3.7, < 5.0)
    jekyll-pwa-workbox (0.0.6)
    jekyll-sass-converter (2.0.1)
      sassc (> 2.0.1, < 3.0)
    jekyll-sitemap (1.3.1)
      jekyll (>= 3.7, < 5.0)
    jekyll-watch (2.2.1)
      listen (~> 3.0)
    kramdown (2.1.0)
    kramdown-parser-gfm (1.1.0)
      kramdown (~> 2.0)
    listen (3.2.0)
      rb-fsevent (~> 0.10, >= 0.10.3)
      rb-inotify (~> 0.9, >= 0.9.10)
    mercenary (0.3.6)
    mini_portile2 (2.4.0)
    nokogiri (1.10.5)
      mini_portile2 (~> 2.4.0)
    parallel (1.19.0)
    pathutil (0.16.2)
      forwardable-extended (~> 2.6)
    public_suffix (4.0.1)
    rainbow (3.0.0)
    rake (13.0.1)
    rb-fsevent (0.10.3)
    rb-inotify (0.10.0)
      ffi (~> 1.0)
    rouge (3.12.0)
    ruby-enum (0.7.2)
      i18n
    safe_yaml (1.0.5)
    sassc (2.2.1)
      ffi (~> 1.9)
    terminal-table (1.8.0)
      unicode-display_width (~> 1.1, >= 1.1.1)
    typhoeus (1.3.1)
      ethon (>= 0.9.0)
    unicode-display_width (1.6.0)
    yell (2.2.0)

PLATFORMS
  ruby

DEPENDENCIES
  classifier-reborn
  ffi (~> 1.11)
  html-proofer
  jekyll
  jekyll-archives!
  jekyll-cloudinary
  jekyll-commonmark!
  jekyll-include-cache
  jekyll-microtypo!
  jekyll-paginate-v2!
  jekyll-pwa-workbox
  jekyll-sitemap
  liquid!
  liquid-c!
  rake

RUBY VERSION
   ruby 2.6.2p47

BUNDLED WITH
   1.17.3
