GEM
  remote: https://rubygems.org/
  specs:
    Ascii85 (1.1.1)
    addressable (2.8.6)
      public_suffix (>= 2.0.2, < 6.0)
    afm (0.2.2)
    async (2.12.0)
      console (~> 1.25, >= 1.25.2)
      fiber-annotation
      io-event (~> 1.6)
    bigdecimal (3.1.8)
    console (1.25.2)
      fiber-annotation
      fiber-local (~> 1.1)
      json
    ethon (0.16.0)
      ffi (>= 1.15.0)
    ffi (1.17.0)
    fiber-annotation (0.2.0)
    fiber-local (1.1.0)
      fiber-storage
    fiber-storage (0.1.1)
    hashery (2.1.2)
    html-proofer (5.0.9)
      addressable (~> 2.3)
      async (~> 2.1)
      nokogiri (~> 1.13)
      pdf-reader (~> 2.11)
      rainbow (~> 3.0)
      typhoeus (~> 1.3)
      yell (~> 2.0)
      zeitwerk (~> 2.5)
    io-event (1.6.4)
    json (2.7.2)
    mini_portile2 (2.8.7)
    nokogiri (1.16.5)
      mini_portile2 (~> 2.8.2)
      racc (~> 1.4)
    pdf-reader (2.12.0)
      Ascii85 (~> 1.0)
      afm (~> 0.2.1)
      hashery (~> 2.0)
      ruby-rc4
      ttfunk
    public_suffix (5.0.5)
    racc (1.8.0)
    rainbow (3.1.1)
    ruby-rc4 (0.1.5)
    ttfunk (1.8.0)
      bigdecimal (~> 3.1)
    typhoeus (1.4.1)
      ethon (>= 0.9.0)
    yell (2.2.2)
    zeitwerk (2.6.15)

PLATFORMS
  ruby

DEPENDENCIES
  html-proofer

BUNDLED WITH
   2.5.3
